GEM
  remote: https://rubygems.org/
  specs:
    coderay (1.1.2)
    kgio (2.11.2)
    method_source (0.9.2)
    prometheus-client (0.9.0)
      quantile (~> 0.2.1)
    pry (0.12.2)
      coderay (~> 1.1.0)
      method_source (~> 0.9.0)
    quantile (0.2.1)
    rack (2.0.6)
    raindrops (0.19.0)
    unicorn (5.4.1)
      kgio (~> 2.6)
      raindrops (~> 0.7)

PLATFORMS
  ruby

DEPENDENCIES
  prometheus-client
  pry
  rack
  unicorn

BUNDLED WITH
   1.16.1
